GEM
  remote: https://rubygems.org/
  specs:
    VersionCheck (1.0.0)

PLATFORMS
  ruby

DEPENDENCIES
  VersionCheck

BUNDLED WITH
   1.10.6
